GEM
  remote: https://rubygems.org/
  specs:
    coderay (1.1.0)
    erubis (2.7.0)
    ffi (1.9.8)
    hub (1.12.4)
    librmpd (0.1.1)
    method_source (0.8.2)
    mini_portile (0.6.2)
    netaddr (1.5.0)
    nokogiri (1.6.6.2)
      mini_portile (~> 0.6.0)
    pessimize (0.1.0)
      bundler
      trollop
    pry (0.10.1)
      coderay (~> 1.1.0)
      method_source (~> 0.8.1)
      slop (~> 3.4)
    pry-doc (0.6.0)
      pry (~> 0.9)
      yard (~> 0.8)
    slop (3.6.0)
    thor (0.19.1)
    tmuxinator (0.6.10)
      erubis (~> 2.6)
      thor (~> 0.19, >= 0.15.0)
    trollop (2.1.2)
    yard (0.8.7.6)

PLATFORMS
  ruby

DEPENDENCIES
  ffi
  hub
  librmpd
  netaddr
  nokogiri
  pessimize
  pry
  pry-doc
  tmuxinator
