GEM
  remote: https://rubygems.org/
  specs:
    ast (2.1.0)
    astrolabe (1.3.1)
      parser (~> 2.2)
    coderay (1.1.0)
    erubis (2.7.0)
    ffi (1.9.10)
    hub (1.12.4)
    librmpd (0.1.1)
    method_source (0.8.2)
    mini_portile (0.6.2)
    netaddr (1.5.0)
    nokogiri (1.6.6.2)
      mini_portile (~> 0.6.0)
    parser (2.2.3.0)
      ast (>= 1.1, < 3.0)
    pessimize (0.2.0)
      bundler
      trollop
    powerpack (0.1.1)
    pry (0.10.3)
      coderay (~> 1.1.0)
      method_source (~> 0.8.1)
      slop (~> 3.4)
    pry-doc (0.8.0)
      pry (~> 0.9)
      yard (~> 0.8)
    rainbow (2.0.0)
    rubocop (0.34.2)
      astrolabe (~> 1.3)
      parser (>= 2.2.2.5, < 3.0)
      powerpack (~> 0.1)
      rainbow (>= 1.99.1, < 3.0)
      ruby-progressbar (~> 1.4)
    ruby-progressbar (1.7.5)
    slop (3.6.0)
    thor (0.19.1)
    tmuxinator (0.6.11)
      erubis (~> 2.6)
      thor (~> 0.19, >= 0.15.0)
    trollop (2.1.2)
    yard (0.8.7.6)

PLATFORMS
  ruby

DEPENDENCIES
  ffi
  hub
  librmpd
  netaddr
  nokogiri
  pessimize
  pry
  pry-doc
  rubocop
  tmuxinator

BUNDLED WITH
   1.10.6
