GEM
  remote: https://rubygems.org/
  specs:
    ast (2.3.0)
    byebug (9.0.5)
    coderay (1.1.1)
    erubis (2.7.0)
    ffi (1.9.14)
    librmpd (0.1.1)
    method_source (0.8.2)
    mini_portile2 (2.1.0)
    netaddr (1.5.1)
    nokogiri (1.6.8)
      mini_portile2 (~> 2.1.0)
      pkg-config (~> 1.1.7)
    parser (2.3.1.2)
      ast (~> 2.2)
    pessimize (0.3.0)
      bundler
      trollop
    pkg-config (1.1.7)
    powerpack (0.1.1)
    pry (0.10.4)
      coderay (~> 1.1.0)
      method_source (~> 0.8.1)
      slop (~> 3.4)
    pry-byebug (3.4.0)
      byebug (~> 9.0)
      pry (~> 0.10)
    pry-doc (0.9.0)
      pry (~> 0.9)
      yard (~> 0.8)
    rainbow (2.1.0)
    rubocop (0.42.0)
      parser (>= 2.3.1.1, < 3.0)
      powerpack (~> 0.1)
      rainbow (>= 1.99.1, < 3.0)
      ruby-progressbar (~> 1.7)
      unicode-display_width (~> 1.0, >= 1.0.1)
    ruby-progressbar (1.8.1)
    slop (3.6.0)
    thor (0.19.1)
    tmuxinator (0.8.1)
      erubis (~> 2.6)
      thor (~> 0.19, >= 0.15.0)
    trollop (2.1.2)
    unicode-display_width (1.1.0)
    yard (0.9.5)

PLATFORMS
  ruby

DEPENDENCIES
  ffi
  librmpd
  netaddr
  nokogiri
  pessimize
  pry-byebug
  pry-doc
  rubocop
  tmuxinator

BUNDLED WITH
   1.11.2
